CONTENT: NONE
NUGET
  remote: https://nuget.org/api/v2
  specs:
    BouncyCastle (1.7.0)
    DotNetZip (1.9.3)
    Elastacloud.AzureManagement.Fluent (0.5.0.46)
      BouncyCastle (>= 1.7.0)
      WindowsAzure.Storage (>= 3.1.0.0)
    FAKE (3.33.0)
    FSharp.Azure.StorageTypeProvider (1.2.0)
    FSharp.Core (3.1.2.1)
    FsPickler (1.0.18)
    MBrace.Azure (0.6.8-alpha)
      FsPickler (1.0.18)
      MBrace.Core (0.9.11-alpha)
      MBrace.Runtime.Core (0.9.11-alpha)
      Vagabond (0.6.6)
      WindowsAzure.ServiceBus (>= 2.5.2)
      WindowsAzure.Storage (>= 4.3.0)
    MBrace.Core (0.9.11-alpha)
    MBrace.Runtime.Core (0.9.11-alpha)
      FsPickler (>= 1.0.16)
      MBrace.Core (0.9.11-alpha)
      Unquote (>= 2.2.2)
      Vagabond (>= 0.6.6)
    Microsoft.Data.Edm (5.6.4)
    Microsoft.Data.OData (5.6.4)
      Microsoft.Data.Edm (5.6.4)
      System.Spatial (5.6.4)
    Microsoft.Data.Services.Client (5.6.4) - framework: >= net40
      Microsoft.Data.OData (5.6.4)
    Microsoft.WindowsAzure.ConfigurationManager (3.1.0) - framework: >= net40
    Mono.Cecil (0.9.6.1)
    Newtonsoft.Json (6.0.8) - framework: wpv8.0, >= net40
    Paket.Core (1.5.2)
      FSharp.Core
      Newtonsoft.Json
    Suave (0.26.2)
      FSharp.Core (>= 3.1.2.1)
      FsPickler (>= 1.0.7)
    System.Spatial (5.6.4)
    Unquote (3.0.0)
    Vagabond (0.6.6)
      FsPickler (>= 1.0.16)
      Mono.Cecil (>= 0.9.5.4)
    WindowsAzure.ServiceBus (2.6.7)
      Microsoft.WindowsAzure.ConfigurationManager
    WindowsAzure.Storage (4.3.0)
      Microsoft.Data.OData (>= 5.6.2)
      Microsoft.Data.Services.Client (>= 5.6.2) - framework: >= net40
      Microsoft.WindowsAzure.ConfigurationManager (>= 1.8.0.0) - framework: >= net40
      Newtonsoft.Json (>= 5.0.8) - framework: wpv8.0, >= net40
