REDIRECTS: ON
CONTENT: NONE
NUGET
  remote: https://nuget.org/api/v2
  specs:
    BouncyCastle (1.7.0)
    DotNetZip (1.9.3)
    Elastacloud.AzureManagement.Fluent (0.5.1.13)
      BouncyCastle (>= 1.7.0)
      FSharp.Data (>= 2.0.14)
      IPNetwork (>= 1.3.1.0)
      WindowsAzure.Storage (>= 3.1.0.0)
    FAKE (3.35.5)
    FSharp.Azure.StorageTypeProvider (1.2.0)
    FSharp.Core (3.1.2.1)
    FSharp.Data (2.2.3)
      Zlib.Portable (>= 1.10.0) - framework: portable-net40+sl50+wp80+win80
    FsPickler (1.2.7)
    FsPickler.Json (1.2.7)
      FsPickler (1.2.7)
      Newtonsoft.Json (>= 6.0.5 < 6.1.0)
    IPNetwork (1.3.1.0)
    MBrace.Azure (0.6.10-alpha)
      MBrace.Core (0.9.12-alpha)
      MBrace.Runtime.Core (0.9.12-alpha)
      WindowsAzure.ServiceBus (>= 2.5.2)
      WindowsAzure.Storage (>= 4.3.0)
    MBrace.Core (0.9.12-alpha)
    MBrace.Runtime.Core (0.9.12-alpha)
      FsPickler (1.2.7)
      FsPickler.Json
      MBrace.Core (0.9.12-alpha)
      Vagabond (0.6.9)
    Microsoft.Data.Edm (5.6.4)
    Microsoft.Data.OData (5.6.4)
      Microsoft.Data.Edm (5.6.4)
      System.Spatial (5.6.4)
    Microsoft.Data.Services.Client (5.6.4) - framework: >= net40
      Microsoft.Data.OData (5.6.4)
    Microsoft.WindowsAzure.ConfigurationManager (3.1.0) - framework: >= net40
    Mono.Cecil (0.9.6.1)
    Newtonsoft.Json (6.0.8)
    Paket.Core (1.18.5)
      FSharp.Core
      Newtonsoft.Json
    Suave (0.29.1)
      FSharp.Core (>= 3.1.2.1)
      FsPickler (>= 1.2.5)
    System.Spatial (5.6.4)
    Vagabond (0.6.9)
      FsPickler (>= 1.2.2 < 1.3.0)
      Mono.Cecil (0.9.6.1)
    WindowsAzure.ServiceBus (2.7.3)
      Microsoft.WindowsAzure.ConfigurationManager
    WindowsAzure.Storage (4.3.0)
      Microsoft.Data.OData (>= 5.6.2)
      Microsoft.Data.Services.Client (>= 5.6.2) - framework: >= net40
      Microsoft.WindowsAzure.ConfigurationManager (>= 1.8.0.0) - framework: >= net40
      Newtonsoft.Json (>= 5.0.8) - framework: wpv8.0, >= net40
    Zlib.Portable (1.11.0) - framework: portable-net40+sl50+wp80+win80
