CONTENT: NONE
NUGET
  remote: https://nuget.org/api/v2
  specs:
    BouncyCastle (1.7.0)
    DotNetZip (1.9.3)
    Elastacloud.AzureManagement.Fluent (0.5.1.13)
      BouncyCastle (>= 1.7.0)
      FSharp.Data (>= 2.0.14)
      IPNetwork (>= 1.3.1.0)
      WindowsAzure.Storage (>= 3.1.0.0)
    FAKE (4.0.1)
    FSharp.Azure.StorageTypeProvider (1.2.0)
    FSharp.Core (4.0.0.1)
    FSharp.Data (2.2.5)
      Zlib.Portable (>= 1.10.0) - framework: portable-net40+sl50+wp80+win80
    IPNetwork (1.3.1.0)
    Microsoft.Data.Edm (5.6.4)
    Microsoft.Data.OData (5.6.4)
      Microsoft.Data.Edm (5.6.4)
      System.Spatial (5.6.4)
    Microsoft.Data.Services.Client (5.6.4) - framework: >= net40
      Microsoft.Data.OData (5.6.4)
    Microsoft.WindowsAzure.ConfigurationManager (3.1.0) - framework: >= net40
    Newtonsoft.Json (7.0.1) - framework: wpv8.0, >= net40
    Paket.Core (1.21.1)
      FSharp.Core
      Newtonsoft.Json
    System.Spatial (5.6.4)
    WindowsAzure.Storage (4.3.0)
      Microsoft.Data.OData (>= 5.6.2) - framework: winv4.5, wpv8.1, wpv8.0, >= net40
      Microsoft.Data.Services.Client (>= 5.6.2) - framework: >= net40
      Microsoft.WindowsAzure.ConfigurationManager (>= 1.8.0.0) - framework: >= net40
      Newtonsoft.Json (>= 5.0.8) - framework: wpv8.0, >= net40
    Zlib.Portable (1.11.0) - framework: portable-net40+sl50+wp80+win80
